GIT
  remote: git@github.com:rightscale/channelizer.git
  revision: f9420e1890dcdceb793c269bb4f1ad138974335a
  branch: ruby_1_9_support
  specs:
    channelizer (0.1.0)
      net-scp (~> 1.1.2)
      net-ssh (~> 2.7.0)
      winrm (~> 1.1.2)

GIT
  remote: git@github.com:rightscale/right_api_objects.git
  revision: fed02ecf4bdab1fec4a2df4de732674d426dc7ab
  tag: v0.1.7
  specs:
    right_api_objects (0.1.7)
      extlib (~> 0.9.16)
      ipaddress (~> 0.8.0)
      machine_tag
      right_api_client (~> 1.5.19)

GIT
  remote: git@github.com:rightscale/virtualmonkey.git
  revision: 196138533cb563e641f696360021f41f4a63536b
  branch: master
  specs:
    virtualmonkey (3.3)
      algorithms (= 0.5.0)
      channelizer
      colorize (= 0.5.8)
      eventmachine (= 0.12.10)
      file-tail (= 1.0.12)
      fog (= 1.12.0)
      highline (= 1.6.15)
      i18n (= 0.6.1)
      json (= 1.7.7)
      mime-types (= 1.25)
      rest-client (= 1.6.7)
      rest_connection (~> 1.0.16)
      right_api_client (~> 1.5.19)
      right_api_objects
      right_popen (= 1.0.11)
      rspec (~> 2.14.1)
      ruby_parser (= 2.3.1)
      sourcify (= 0.6.0.rc4)
      terminal-table (= 1.4.5)
      trollop (= 2.0)
      winrm (= 1.1.2)

GEM
  remote: https://rubygems.org/
  specs:
    activesupport (3.2.13)
      i18n (= 0.6.1)
      multi_json (~> 1.0)
    akami (1.2.2)
      gyoku (>= 0.4.0)
      nokogiri
    algorithms (0.5.0)
    ast (2.0.0)
    astrolabe (1.3.0)
      parser (>= 2.2.0.pre.3, < 3.0)
    builder (3.2.2)
    colorize (0.5.8)
    diff-lcs (1.2.5)
    domain_name (0.5.22)
      unf (>= 0.0.5, < 1.0.0)
    eventmachine (0.12.10)
    excon (0.22.1)
    extlib (0.9.16)
    ffi (1.9.6)
    file-tail (1.0.12)
      tins (~> 0.5)
    fog (1.12.0)
      builder
      excon (~> 0.22.1)
      formatador (~> 0.2.0)
      mime-types
      multi_json (~> 1.0)
      net-scp (~> 1.1)
      net-ssh (>= 2.1.3)
      nokogiri (~> 1.5.0)
      ruby-hmac
    formatador (0.2.5)
    gssapi (1.0.3)
      ffi (>= 1.0.1)
    gyoku (1.2.2)
      builder (>= 2.1.2)
    highline (1.6.15)
    http-cookie (1.0.2)
      domain_name (~> 0.5)
    httpclient (2.2.0.2)
    httpi (0.9.7)
      rack
    i18n (0.6.1)
    ipaddress (0.8.0)
    json (1.7.7)
    little-plugger (1.1.3)
    logging (1.6.2)
      little-plugger (>= 1.1.3)
    machine_tag (1.1.3)
    mime-types (1.25)
    mixlib-shellout (1.4.0)
    multi_json (1.10.1)
    net-scp (1.1.2)
      net-ssh (>= 2.6.5)
    net-ssh (2.7.0)
    nokogiri (1.5.11)
    nori (1.1.5)
    parser (2.2.0.pre.7)
      ast (>= 1.1, < 3.0)
      slop (~> 3.4, >= 3.4.5)
    powerpack (0.0.9)
    rack (1.5.2)
    rainbow (2.0.0)
    rest-client (1.6.7)
      mime-types (>= 1.16)
    rest_connection (1.0.16)
      activesupport
      highline
      json
      net-ssh
      nokogiri
      rest-client
    right_api_client (1.5.24)
      json (~> 1.0)
      mime-types (~> 1.0)
      rest-client (~> 1.6)
    right_popen (1.0.11)
      eventmachine (>= 0.12.10)
    rspec (2.14.1)
      rspec-core (~> 2.14.0)
      rspec-expectations (~> 2.14.0)
      rspec-mocks (~> 2.14.0)
    rspec-core (2.14.8)
    rspec-expectations (2.14.5)
      diff-lcs (>= 1.1.3, < 2.0)
    rspec-mocks (2.14.6)
    rubocop (0.27.0)
      astrolabe (~> 1.3)
      parser (>= 2.2.0.pre.6, < 3.0)
      powerpack (~> 0.0.6)
      rainbow (>= 1.99.1, < 3.0)
      ruby-progressbar (~> 1.4)
    ruby-hmac (0.4.0)
    ruby-progressbar (1.6.1)
    ruby2ruby (1.3.1)
      ruby_parser (~> 2.0)
      sexp_processor (~> 3.0)
    ruby_parser (2.3.1)
      sexp_processor (~> 3.0)
    rubyntlm (0.1.1)
    savon (0.9.5)
      akami (~> 1.0)
      builder (>= 2.1.2)
      gyoku (>= 0.4.0)
      httpi (~> 0.9)
      nokogiri (>= 1.4.0)
      nori (~> 1.0)
      wasabi (~> 1.0)
    sexp_processor (3.2.0)
    slop (3.6.0)
    sourcify (0.6.0.rc4)
      file-tail (~> 1.0.10)
      ruby2ruby (~> 1.3.1)
      ruby_parser (~> 2.3.1)
      sexp_processor (~> 3.2.0)
    terminal-table (1.4.5)
    tins (0.13.2)
    trollop (2.0)
    unf (0.1.4)
      unf_ext
    unf_ext (0.0.6)
    uuidtools (2.1.5)
    wasabi (1.0.0)
      nokogiri (>= 1.4.0)
    winrm (1.1.2)
      gssapi (~> 1.0.0)
      httpclient (~> 2.2.0.2)
      logging (~> 1.6.1)
      nokogiri (~> 1.5.0)
      rubyntlm (~> 0.1.1)
      savon (= 0.9.5)
      uuidtools (~> 2.1.2)

PLATFORMS
  ruby

DEPENDENCIES
  channelizer!
  http-cookie (~> 1.0.2)
  machine_tag
  mixlib-shellout (~> 1.4.0)
  right_api_objects!
  rubocop
  virtualmonkey!
